GEM
  remote: https://rubygems.org/
  specs:
    activesupport (5.2.3)
      concurrent-ruby (~> 1.0, >= 1.0.2)
      i18n (>= 0.7, < 2)
      minitest (~> 5.1)
      tzinfo (~> 1.1)
    addressable (2.6.0)
      public_suffix (>= 2.0.2, < 4.0)
    akami (1.3.1)
      gyoku (>= 0.4.0)
      nokogiri
    bcrypt (3.1.12)
    bcrypt-ruby (3.1.5)
      bcrypt (>= 3.1.3)
    builder (3.2.3)
    chronic (0.10.2)
    concurrent-ruby (1.1.5)
    data_mapper (1.2.0)
      dm-aggregates (~> 1.2.0)
      dm-constraints (~> 1.2.0)
      dm-core (~> 1.2.0)
      dm-migrations (~> 1.2.0)
      dm-serializer (~> 1.2.0)
      dm-timestamps (~> 1.2.0)
      dm-transactions (~> 1.2.0)
      dm-types (~> 1.2.0)
      dm-validations (~> 1.2.0)
    data_objects (0.10.17)
      addressable (~> 2.1)
    dm-aggregates (1.2.0)
      dm-core (~> 1.2.0)
    dm-constraints (1.2.0)
      dm-core (~> 1.2.0)
    dm-core (1.2.1)
      addressable (~> 2.3)
    dm-do-adapter (1.2.0)
      data_objects (~> 0.10.6)
      dm-core (~> 1.2.0)
    dm-migrations (1.2.0)
      dm-core (~> 1.2.0)
    dm-postgres-adapter (1.2.0)
      dm-do-adapter (~> 1.2.0)
      do_postgres (~> 0.10.6)
    dm-serializer (1.2.2)
      dm-core (~> 1.2.0)
      fastercsv (~> 1.5)
      json (~> 1.6)
      json_pure (~> 1.6)
      multi_json (~> 1.0)
    dm-timestamps (1.2.0)
      dm-core (~> 1.2.0)
    dm-transactions (1.2.0)
      dm-core (~> 1.2.0)
    dm-types (1.2.2)
      bcrypt-ruby (~> 3.0)
      dm-core (~> 1.2.0)
      fastercsv (~> 1.5)
      json (~> 1.6)
      multi_json (~> 1.0)
      stringex (~> 1.4)
      uuidtools (~> 2.1)
    dm-validations (1.2.0)
      dm-core (~> 1.2.0)
    do_postgres (0.10.17)
      data_objects (= 0.10.17)
    dotenv (2.7.2)
    et-orbi (1.2.0)
      tzinfo
    eventmachine (1.2.7)
    fastercsv (1.5.5)
    fugit (1.2.0)
      et-orbi (~> 1.1, >= 1.1.8)
      raabro (~> 1.1)
    gyoku (1.3.1)
      builder (>= 2.1.2)
    httparty (0.17.0)
      mime-types (~> 3.0)
      multi_xml (>= 0.5.2)
    httpi (2.4.4)
      rack
      socksify
    i18n (1.6.0)
      concurrent-ruby (~> 1.0)
    json (1.8.6)
    json_pure (1.8.6)
    mail (2.7.1)
      mini_mime (>= 0.1.1)
    mime-types (3.2.2)
      mime-types-data (~> 3.2015)
    mime-types-data (3.2019.0331)
    mini_mime (1.0.1)
    mini_portile2 (2.4.0)
    minitest (5.11.3)
    multi_json (1.13.1)
    multi_xml (0.6.0)
    multipart-post (2.0.0)
    mustermann (1.0.3)
    nokogiri (1.10.3)
      mini_portile2 (~> 2.4.0)
    nori (2.6.0)
    oauth (0.5.4)
    pdfkit (0.8.4.1)
    pg (1.1.4)
    pony (1.13.1)
      mail (>= 2.0)
    public_suffix (3.0.3)
    raabro (1.1.6)
    rack (2.0.7)
    rack-protection (2.0.5)
      rack
    rack-ssl (1.4.1)
      rack
    rack_csrf (2.6.0)
      rack (>= 1.1.0)
    rake (12.3.2)
    redis (4.1.0)
    rforce (0.13)
      builder (~> 3.0)
      oauth (~> 0.4)
    rollbar (2.19.3)
      multi_json
    ruby-saml (1.10.0)
      nokogiri (>= 1.8.2)
    rubyzip (1.2.2)
    rufus-scheduler (3.6.0)
      fugit (~> 1.1, >= 1.1.6)
    savon (2.12.0)
      akami (~> 1.2)
      builder (>= 2.1.2)
      gyoku (~> 1.2)
      httpi (~> 2.3)
      nokogiri (>= 1.8.1)
      nori (~> 2.4)
      wasabi (~> 3.4)
    sinatra (2.0.5)
      mustermann (~> 1.0)
      rack (~> 2.0)
      rack-protection (= 2.0.5)
      tilt (~> 2.0)
    socksify (1.7.1)
    stringex (1.5.1)
    thread_safe (0.3.6)
    tilt (2.0.9)
    tzinfo (1.2.5)
      thread_safe (~> 0.1)
    uuidtools (2.1.5)
    wasabi (3.5.0)
      httpi (~> 2.0)
      nokogiri (>= 1.4.2)
    wkhtmltopdf (0.1.2)
    xml-simple (1.1.5)
    yard (0.9.19)
    yard-dm (0.1.1)
    yard-sinatra (1.0.0)
      yard (~> 0.7)

PLATFORMS
  ruby

DEPENDENCIES
  activesupport
  chronic
  data_mapper
  dm-postgres-adapter
  dotenv
  eventmachine
  httparty
  json (~> 1.6)
  multipart-post
  nokogiri
  pdfkit
  pg
  pony
  rack-ssl
  rack_csrf
  rake
  redis
  rforce
  rollbar
  ruby-saml
  rubyzip
  rufus-scheduler
  savon
  sinatra
  wkhtmltopdf
  xml-simple
  yard
  yard-dm
  yard-sinatra

RUBY VERSION
   ruby 2.6.3p62

BUNDLED WITH
   2.0.1
